PATH
  remote: .
  specs:
    iban_utils (0.0.0)
      libxml-ruby (= 2.7.0)

GEM
  remote: https://rubygems.org/
  specs:
    diff-lcs (1.1.3)
    libxml-ruby (2.7.0)
    rspec (2.12.0)
      rspec-core (~> 2.12.0)
      rspec-expectations (~> 2.12.0)
      rspec-mocks (~> 2.12.0)
    rspec-core (2.12.2)
    rspec-expectations (2.12.1)
      diff-lcs (~> 1.1.3)
    rspec-mocks (2.12.2)

PLATFORMS
  ruby

DEPENDENCIES
  iban_utils!
  rspec (~> 2.12)
